GEM
  remote: https://rubygems.org/
  specs:
    bson (1.8.5)
    bson_ext (1.8.5)
      bson (~> 1.8.5)
    haml (4.0.2)
      tilt
    json (1.5.5)
    mongo (1.8.5)
      bson (~> 1.8.5)
    rack (1.5.2)
    rack-protection (1.5.0)
      rack
    sinatra (1.4.2)
      rack (~> 1.5, >= 1.5.2)
      rack-protection (~> 1.4)
      tilt (~> 1.3, >= 1.3.4)
    sinatra-flash (0.3.0)
      sinatra (>= 1.0.0)
    tilt (1.4.1)

PLATFORMS
  ruby

DEPENDENCIES
  bson_ext
  haml
  json
  mongo
  sinatra
  sinatra-flash
